GEM
  remote: http://rubygems.org/
  specs:
    crack (0.1.8)
    httparty (0.7.8)
      crack (= 0.1.8)
    rack (1.3.0)
    rack-test (0.6.0)
      rack (>= 1.0)
    shotgun (0.9)
      rack (>= 1.0)
    shoulda (2.11.3)
    sinatra (1.2.6)
      rack (~> 1.1)
      tilt (< 2.0, >= 1.2.2)
    tilt (1.3.2)

PLATFORMS
  ruby

DEPENDENCIES
  httparty
  rack-test
  shotgun
  shoulda
  sinatra
