GEM
  remote: http://rubygems.org/
  specs:
    chunky_png (1.2.1)
    compass (0.11.5)
      chunky_png (~> 1.2)
      fssm (>= 0.2.7)
      sass (~> 3.1)
    fssm (0.2.7)
    newrelic_rpm (3.1.1)
    rack (1.3.2)
    rack-test (0.6.1)
      rack (>= 1.0)
    sass (3.1.7)
    shoulda (2.11.3)
    sinatra (1.2.6)
      rack (~> 1.1)
      tilt (< 2.0, >= 1.2.2)
    tilt (1.3.2)

PLATFORMS
  ruby

DEPENDENCIES
  compass
  newrelic_rpm
  rack-test
  sass
  shoulda
  sinatra
