GEM
  remote: http://rubygems.org/
  specs:
    rack (1.3.0)
    rack-test (0.6.0)
      rack (>= 1.0)
    shotgun (0.9)
      rack (>= 1.0)
    shoulda (2.11.3)
    sinatra (1.2.6)
      rack (~> 1.1)
      tilt (>= 1.2.2, < 2.0)
    tilt (1.3.2)

PLATFORMS
  ruby

DEPENDENCIES
  rack-test
  shotgun
  shoulda
  sinatra
